GEM
  remote: https://rubygems.org/
  specs:
    arduino_firmata (0.3.7)
      args_parser (>= 0.1.4)
      event_emitter (>= 0.2.4)
      serialport (>= 1.1.0)
    args_parser (0.2.0)
    builder (3.2.2)
    coderay (1.1.0)
    event_emitter (0.2.5)
    hurley (0.2)
    jwt (1.5.2)
    method_source (0.8.2)
    multi_json (1.11.2)
    pry (0.10.3)
      coderay (~> 1.1.0)
      method_source (~> 0.8.1)
      slop (~> 3.4)
    serialport (1.3.1)
    slop (3.6.0)
    twilio-ruby (4.6.1)
      builder (>= 2.1.2)
      jwt (~> 1.0)
      multi_json (>= 1.3.0)

PLATFORMS
  ruby

DEPENDENCIES
  arduino_firmata
  hurley
  pry
  serialport
  twilio-ruby

BUNDLED WITH
   1.11.2
